PATH
  remote: .
  specs:
    sidekiq-cron-web-admin (0.2.2)
      sidekiq-cron (= 1.1.0)

GEM
  remote: https://rubygems.org/
  specs:
    concurrent-ruby (1.1.5)
    connection_pool (2.2.2)
    et-orbi (1.2.2)
      tzinfo
    fugit (1.3.3)
      et-orbi (~> 1.1, >= 1.1.8)
      raabro (~> 1.1)
    metaclass (0.0.4)
    minitest (5.12.2)
    mocha (1.9.0)
      metaclass (~> 0.0.1)
    power_assert (1.1.5)
    raabro (1.1.6)
    rack (2.0.7)
    rack-protection (2.0.7)
      rack
    rack-test (1.1.0)
      rack (>= 1.0, < 3)
    rake (10.5.0)
    redis (4.1.3)
    redis-namespace (1.6.0)
      redis (>= 3.0.4)
    shoulda-context (1.2.2)
    sidekiq (5.2.7)
      connection_pool (~> 2.2, >= 2.2.2)
      rack (>= 1.5.0)
      rack-protection (>= 1.5.0)
      redis (>= 3.3.5, < 5)
    sidekiq-cron (1.1.0)
      fugit (~> 1.1)
      sidekiq (>= 4.2.1)
    test-unit (3.3.4)
      power_assert
    tzinfo (2.0.0)
      concurrent-ruby (~> 1.0)

PLATFORMS
  ruby

DEPENDENCIES
  bundler (~> 1.17)
  minitest
  mocha
  rack
  rack-test
  rake (~> 10.0)
  redis-namespace (>= 1.5.2)
  shoulda-context
  sidekiq-cron-web-admin!
  test-unit

BUNDLED WITH
   1.17.1
