PATH
  remote: .
  specs:
    sidekiq-cron-web-admin (0.2.7)
      sidekiq-cron (= 1.1.0)

GEM
  remote: https://gem-proxy.chime.com/
  specs:
    concurrent-ruby (1.1.9)
    connection_pool (2.2.5)
    et-orbi (1.2.5)
      tzinfo
    fugit (1.5.2)
      et-orbi (~> 1.1, >= 1.1.8)
      raabro (~> 1.4)
    minitest (5.14.4)
    mocha (1.13.0)
    power_assert (2.0.1)
    raabro (1.4.0)
    rack (2.2.3)
    rack-test (1.1.0)
      rack (>= 1.0, < 3)
    rake (13.0.6)
    redis (4.4.0)
    redis-namespace (1.8.1)
      redis (>= 3.0.4)
    shoulda-context (2.0.0)
    sidekiq (6.2.2)
      connection_pool (>= 2.2.2)
      rack (~> 2.0)
      redis (>= 4.2.0)
    sidekiq-cron (1.1.0)
      fugit (~> 1.1)
      sidekiq (>= 4.2.1)
    test-unit (3.4.7)
      power_assert
    tzinfo (2.0.4)
      concurrent-ruby (~> 1.0)

PLATFORMS
  ruby

DEPENDENCIES
  bundler (~> 2.2)
  minitest
  mocha
  rack
  rack-test
  rake (~> 13.0)
  redis-namespace (>= 1.5.2)
  shoulda-context
  sidekiq-cron-web-admin!
  test-unit

BUNDLED WITH
   2.2.25
